GEM
  remote: https://ruby.taobao.org/
  specs:
    activemodel (4.2.6)
      activesupport (= 4.2.6)
      builder (~> 3.1)
    activerecord (4.2.6)
      activemodel (= 4.2.6)
      activesupport (= 4.2.6)
      arel (~> 6.0)
    activesupport (4.2.6)
      i18n (~> 0.7)
      json (~> 1.7, >= 1.7.7)
      minitest (~> 5.1)
      thread_safe (~> 0.3, >= 0.3.4)
      tzinfo (~> 1.1)
    arel (6.0.3)
    backports (3.6.8)
    builder (3.2.2)
    coderay (1.1.1)
    daemons (1.2.3)
    dalli (2.7.6)
    database_cleaner (1.5.2)
    eventmachine (1.2.0.1)
    factory_girl (4.7.0)
      activesupport (>= 3.0.0)
    haml (4.0.7)
      tilt
    i18n (0.7.0)
    json (1.8.3)
    kgio (2.10.0)
    method_source (0.8.2)
    minitest (5.8.4)
    multi_json (1.11.2)
    oj (2.15.0)
    pry (0.10.3)
      coderay (~> 1.1.0)
      method_source (~> 0.8.1)
      slop (~> 3.4)
    rack (1.6.4)
    rack-protection (1.5.3)
      rack
    rack-test (0.6.3)
      rack (>= 1.0)
    rainbows (5.0.0)
      kgio (~> 2.5)
      rack (~> 1.1)
      unicorn (~> 5.0)
    raindrops (0.16.0)
    rake (11.1.2)
    second_level_cache (2.1.9)
      activerecord (> 4.0.0, < 5.0)
      activesupport (> 4.0.0, < 5.0)
    sinatra (1.4.7)
      rack (~> 1.5)
      rack-protection (~> 1.4)
      tilt (>= 1.3, < 3)
    sinatra-contrib (1.4.7)
      backports (>= 2.0)
      multi_json
      rack-protection
      rack-test
      sinatra (~> 1.4.0)
      tilt (>= 1.3, < 3)
    slop (3.6.0)
    sqlite3 (1.3.11)
    thin (1.6.4)
      daemons (~> 1.0, >= 1.0.9)
      eventmachine (~> 1.0, >= 1.0.4)
      rack (~> 1.0)
    thread_safe (0.3.5)
    tilt (2.0.2)
    tzinfo (1.2.2)
      thread_safe (~> 0.1)
    unicorn (5.1.0)
      kgio (~> 2.6)
      raindrops (~> 0.7)

PLATFORMS
  ruby

DEPENDENCIES
  activerecord
  dalli
  database_cleaner
  factory_girl
  haml
  json
  kgio
  minitest
  oj
  pry
  rack
  rack-test
  rainbows
  rake
  second_level_cache
  sinatra
  sinatra-contrib
  sqlite3
  thin

BUNDLED WITH
   1.11.2
